PATH
  remote: .
  specs:
    interfax (1.2.0)
      mimemagic (~> 0.4.3)

GEM
  remote: https://rubygems.org/
  specs:
    addressable (2.5.2)
      public_suffix (>= 2.0.2, < 4.0)
    crack (0.4.3)
      safe_yaml (~> 1.0.0)
    fakefs (0.13.0)
    hashdiff (0.3.7)
    mimemagic (0.4.3)
      nokogiri (~> 1)
      rake
    mini_portile2 (2.6.1)
    minitest (5.11.1)
    nokogiri (1.12.5)
      mini_portile2 (~> 2.6.1)
      racc (~> 1.4)
    public_suffix (3.0.1)
    racc (1.6.0)
    rake (12.3.0)
    safe_yaml (1.0.4)
    webmock (3.2.1)
      addressable (>= 2.3.6)
      crack (>= 0.3.2)
      hashdiff

PLATFORMS
  ruby

DEPENDENCIES
  fakefs
  interfax!
  minitest
  rake
  webmock

BUNDLED WITH
   1.16.0
